GEM
  remote: https://rubygems.org/
  specs:
    xml-simple (1.1.4)

PLATFORMS
  ruby

DEPENDENCIES
  xml-simple (~> 1.1.4)
